GEM
  remote: https://rubygems.org/
  specs:
    httparty (0.16.2)
      multi_xml (>= 0.5.2)
    mini_portile2 (2.3.0)
    multi_xml (0.6.0)
    nokogiri (1.8.2)
      mini_portile2 (~> 2.3.0)
    slim (3.0.9)
      temple (>= 0.7.6, < 0.9)
      tilt (>= 1.3.3, < 2.1)
    temple (0.8.0)
    tilt (2.0.8)

PLATFORMS
  ruby

DEPENDENCIES
  httparty
  nokogiri
  slim

BUNDLED WITH
   1.16.1
