GEM
  remote: https://rubygems.org/
  specs:
    execjs (2.7.0)
    httparty (0.16.2)
      multi_xml (>= 0.5.2)
    memoist (0.16.0)
    method-not-implemented (1.0.1)
    mini_portile2 (2.3.0)
    multi_xml (0.6.0)
    nokogiri (1.8.2)
      mini_portile2 (~> 2.3.0)
    pug-ruby (2.0.0)
      execjs (~> 2.0)
      memoist (~> 0.15)
      method-not-implemented (~> 1.0, >= 1.0.1)
      regexp-match-polyfill (~> 1.0, >= 1.0.2)
    regexp-match-polyfill (1.0.2)

PLATFORMS
  ruby

DEPENDENCIES
  httparty
  nokogiri
  pug-ruby

BUNDLED WITH
   1.16.1
